NUGET
  remote: https://api.nuget.org/v3/index.json
    Crc32.NET (1.2) - restriction: >= net452
      NETStandard.Library (>= 2.0) - restriction: >= netstandard2.0
    Microsoft.NETCore.Platforms (2.2.1) - restriction: || (&& (< net45) (>= net452) (>= netstandard2.0)) (&& (>= net452) (>= netcoreapp2.0)) (&& (>= net452) (< netstandard1.0) (>= netstandard2.0)) (&& (>= net452) (< netstandard1.3) (>= netstandard2.0)) (&& (>= net452) (>= netstandard2.0) (< portable-net45+win8+wpa81)) (&& (>= net452) (>= netstandard2.0) (>= uap10.0)) (&& (>= net452) (>= netstandard2.0) (>= wp8)) (&& (>= net46) (< netstandard1.4) (>= netstandard2.0)) (&& (>= net461) (>= netstandard2.0))
    NDesk.Options (0.2.1) - restriction: >= net452
    NETStandard.Library (2.0.3) - restriction: && (>= net452) (>= netstandard2.0)
      Microsoft.NETCore.Platforms (>= 1.1) - restriction: || (&& (>= net45) (< netstandard1.3)) (&& (< net45) (>= netstandard1.1) (< netstandard1.2) (< win8)) (&& (< net45) (>= netstandard1.2) (< netstandard1.3) (< win8) (< wpa81)) (&& (< net45) (>= netstandard1.3) (< netstandard1.4) (< win8) (< wpa81)) (&& (< net45) (>= netstandard1.4) (< netstandard1.5) (< win8) (< wpa81)) (&& (< net45) (>= netstandard1.5) (< netstandard1.6) (< win8) (< wpa81)) (&& (< net45) (>= netstandard1.6) (< netstandard2.0) (< win8) (< wpa81)) (&& (< net45) (>= netstandard2.0) (< win8) (< wpa81)) (&& (>= net46) (< netstandard1.4)) (>= net461) (>= netcoreapp2.0) (&& (>= netstandard1.0) (< portable-net45+win8+wpa81)) (&& (< netstandard1.0) (>= portable-net45+win8) (< win8)) (&& (< netstandard1.0) (< portable-net45+win8) (>= portable-net45+win8+wpa81)) (&& (< netstandard1.0) (>= portable-net45+win8+wp8+wpa81) (< portable-net45+win8+wpa81)) (&& (< netstandard1.0) (>= win8)) (&& (< netstandard1.3) (< win8) (>= wpa81)) (>= uap10.0) (>= wp8)
    Newtonsoft.Json (10.0.3) - restriction: >= net452
